GEM
  specs:
    amazon-ec2 (0.9.17)
      xml-simple (>= 1.0.12)
    net-scp (1.1.0)
      net-ssh (>= 2.6.5)
    net-ssh (2.6.7)
    xml-simple (1.1.2)

PLATFORMS
  ruby

DEPENDENCIES
  amazon-ec2
  net-scp
  net-ssh
